GEM
  remote: https://rubygems.org/
  specs:
    numpy (0.4.0)
      pycall (>= 1.2.0.beta1)
    pycall (1.4.1)

PLATFORMS
  x86_64-darwin-21

DEPENDENCIES
  numpy
  pycall

BUNDLED WITH
   2.2.32
